GEM
  specs:

PLATFORMS
  arm64-darwin
  x64-mingw-ucrt
  x86_64-linux-gnu

DEPENDENCIES

BUNDLED WITH
   2.5.17
